PATH
  remote: .
  specs:
    kul (0.0.2)
      coffee-script (= 2.2)
      sass (~> 3.2.7)
      sinatra (~> 1.3.3)

GEM
  remote: https://rubygems.org/
  specs:
    awesome_print (1.1.0)
    coffee-script (2.2.0)
      coffee-script-source
      execjs
    coffee-script-source (1.6.1)
    diff-lcs (1.2.1)
    execjs (1.4.0)
      multi_json (~> 1.0)
    multi_json (1.6.1)
    rack (1.5.2)
    rack-protection (1.5.0)
      rack
    rack-test (0.6.2)
      rack (>= 1.0)
    rake (10.0.3)
    rspec (2.13.0)
      rspec-core (~> 2.13.0)
      rspec-expectations (~> 2.13.0)
      rspec-mocks (~> 2.13.0)
    rspec-core (2.13.1)
    rspec-expectations (2.13.0)
      diff-lcs (>= 1.1.3, < 2.0)
    rspec-mocks (2.13.0)
    sass (3.2.7)
    sinatra (1.3.5)
      rack (~> 1.4)
      rack-protection (~> 1.3)
      tilt (~> 1.3, >= 1.3.3)
    tilt (1.3.5)

PLATFORMS
  java

DEPENDENCIES
  awesome_print (~> 1.1)
  bundler (~> 1.3)
  kul!
  rack-test
  rake
  rspec (~> 2.11)
