PATH
  remote: .
  specs:
    kul (0.1.3)
      andand (~> 1.3.3)
      coffee-script (~> 2.2)
      sass (~> 3.2.7)
      sinatra (~> 1.4.2)
      thor (~> 0.18.1)

GEM
  remote: https://rubygems.org/
  specs:
    andand (1.3.3)
    awesome_print (1.1.0)
    coffee-script (2.2.0)
      coffee-script-source
      execjs
    coffee-script-source (1.6.2)
    colorize (0.5.8)
    coveralls (0.6.7)
      colorize
      multi_json (~> 1.3)
      rest-client
      simplecov (>= 0.7)
      thor
    diff-lcs (1.2.4)
    execjs (1.4.0)
      multi_json (~> 1.0)
    mime-types (1.23)
    multi_json (1.7.2)
    rack (1.5.2)
    rack-protection (1.5.0)
      rack
    rack-test (0.6.2)
      rack (>= 1.0)
    rake (10.0.4)
    rest-client (1.6.7)
      mime-types (>= 1.16)
    rspec (2.13.0)
      rspec-core (~> 2.13.0)
      rspec-expectations (~> 2.13.0)
      rspec-mocks (~> 2.13.0)
    rspec-core (2.13.1)
    rspec-expectations (2.13.0)
      diff-lcs (>= 1.1.3, < 2.0)
    rspec-mocks (2.13.1)
    sass (3.2.8)
    simplecov (0.7.1)
      multi_json (~> 1.0)
      simplecov-html (~> 0.7.1)
    simplecov-html (0.7.1)
    sinatra (1.4.2)
      rack (~> 1.5, >= 1.5.2)
      rack-protection (~> 1.4)
      tilt (~> 1.3, >= 1.3.4)
    thor (0.18.1)
    tilt (1.4.0)

PLATFORMS
  java
  ruby

DEPENDENCIES
  awesome_print (~> 1.1)
  bundler (~> 1.3)
  coveralls (~> 0.6.6)
  kul!
  rack-test (~> 0.6.2)
  rake (~> 10.0.4)
  rspec (~> 2.13)
